GEM
  remote: https://rubygems.org/
  specs:
    coderay (1.1.3)
    daemons (1.3.1)
    dotenv (2.7.5)
    ethon (0.12.0)
      ffi (>= 1.3.0)
    ffi (1.13.1)
    method_source (1.0.0)
    pry (0.13.1)
      coderay (~> 1.1)
      method_source (~> 1.0)
    rack (2.2.3.1)
    typhoeus (1.4.0)
      ethon (>= 0.9.0)

PLATFORMS
  ruby

DEPENDENCIES
  daemons
  dotenv
  pry
  rack
  typhoeus

RUBY VERSION
   ruby 2.6.5p114

BUNDLED WITH
   2.1.4
